GEM
  remote: https://rubygems.org/
  specs:
    excon (0.62.0)

PLATFORMS
  ruby

DEPENDENCIES
  excon

BUNDLED WITH
   1.16.1
